GEM
  remote: http://rubygems.org/
  remote: http://gems.github.com/
  specs:
    RedCloth (4.2.9)
    database_cleaner (0.6.7)
    factory_girl (1.3.3)
    hoe (2.12.3)
      rake (~> 0.8)
    mysql (2.8.1)
    rack (1.1.0)
    rake (0.9.2)
    rspec (1.3.2)
    rspec-rails (1.3.4)
      rack (>= 1.0.0)
      rspec (~> 1.3.1)
    sqlite3 (1.3.4)
    test-unit (1.2.3)
      hoe (>= 1.5.1)

PLATFORMS
  ruby

DEPENDENCIES
  RedCloth (~> 4.2.9)
  database_cleaner
  factory_girl (~> 1.3)
  mysql
  rake
  rspec (~> 1.3)
  rspec-rails (~> 1.3)
  sqlite3
  test-unit
